GEM
  remote: http://rubygems.org/
  specs:
    activemodel (3.0.3)
      activesupport (= 3.0.3)
      builder (~> 2.1.2)
      i18n (~> 0.4)
    activerecord (3.0.3)
      activemodel (= 3.0.3)
      activesupport (= 3.0.3)
      arel (~> 2.0.2)
      tzinfo (~> 0.3.23)
    activesupport (3.0.3)
    addressable (2.2.2)
    arel (2.0.6)
    bcrypt-ruby (2.1.3)
    builder (2.1.2)
    datamapper (0.10.2)
      dm-aggregates (~> 0.10.2)
      dm-constraints (~> 0.10.2)
      dm-core (~> 0.10.2)
      dm-migrations (~> 0.10.2)
      dm-serializer (~> 0.10.2)
      dm-timestamps (~> 0.10.2)
      dm-types (~> 0.10.2)
      dm-validations (~> 0.10.2)
    diff-lcs (1.1.2)
    dm-aggregates (0.10.2)
      dm-core (~> 0.10.2)
    dm-constraints (0.10.2)
      dm-core (~> 0.10.2)
    dm-core (0.10.2)
      addressable (~> 2.1)
      extlib (~> 0.9.14)
    dm-migrations (0.10.2)
      dm-core (~> 0.10.2)
    dm-serializer (0.10.2)
      dm-core (~> 0.10.2)
      fastercsv (~> 1.5.0)
      json_pure (~> 1.2.0)
    dm-timestamps (0.10.2)
      dm-core (~> 0.10.2)
    dm-types (0.10.2)
      bcrypt-ruby (~> 2.1.2)
      dm-core (~> 0.10.2)
      fastercsv (~> 1.5.0)
      json_pure (~> 1.2.0)
      stringex (~> 1.1.0)
      uuidtools (~> 2.1.1)
    dm-validations (0.10.2)
      dm-core (~> 0.10.2)
    extlib (0.9.15)
    fakeweb (1.3.0)
    fastercsv (1.5.3)
    i18n (0.5.0)
    json_pure (1.2.4)
    rack (1.2.1)
    rack-test (0.5.7)
      rack (>= 1.0)
    rspec (2.4.0)
      rspec-core (~> 2.4.0)
      rspec-expectations (~> 2.4.0)
      rspec-mocks (~> 2.4.0)
    rspec-core (2.4.0)
    rspec-expectations (2.4.0)
      diff-lcs (~> 1.1.2)
    rspec-mocks (2.4.0)
    sequel (3.18.0)
    sqlite3-ruby (1.3.2)
    stringex (1.1.0)
    tzinfo (0.3.23)
    uuidtools (2.1.1)

PLATFORMS
  ruby

DEPENDENCIES
  activerecord
  datamapper
  fakeweb
  rack-test
  rspec
  sequel
  sqlite3-ruby
